GEM
  remote: https://rubygems.org/
  specs:
    bigdecimal (3.2.2)
    byebug (12.0.0)
    coderay (1.1.3)
    csv (3.3.5)
    httparty (0.23.1)
      csv
      mini_mime (>= 1.0.0)
      multi_xml (>= 0.5.2)
    json (2.12.2)
    method_source (1.1.0)
    mini_mime (1.1.5)
    minitest (5.25.5)
    mocha (2.7.1)
      ruby2_keywords (>= 0.0.5)
    multi_xml (0.7.2)
      bigdecimal (~> 3.1)
    pry (0.15.2)
      coderay (~> 1.1)
      method_source (~> 1.0)
    pry-byebug (3.11.0)
      byebug (~> 12.0)
      pry (>= 0.13, < 0.16)
    rack (3.1.16)
    rackup (2.2.1)
      rack (>= 3)
    ruby2_keywords (0.0.5)

PLATFORMS
  arm64-darwin-23
  ruby

DEPENDENCIES
  httparty
  json
  minitest
  mocha
  pry
  pry-byebug
  rack
  rackup

BUNDLED WITH
   2.5.16
